GIT
  remote: https://github.com/capistrano/rbenv.git
  revision: 65db3295752d079bf8cf874dab36b16ab45454b7
  specs:
    capistrano-rbenv (2.1.1)
      capistrano (~> 3.1)
      sshkit (~> 1.3)

GEM
  remote: https://rubygems.org/
  specs:
    airbrussh (1.3.0)
      sshkit (>= 1.6.1, != 1.7.0)
    capistrano (3.8.2)
      airbrussh (>= 1.0.0)
      i18n
      rake (>= 10.0.0)
      sshkit (>= 1.9.0)
    capistrano-bundler (1.1.4)
      capistrano (~> 3.1)
      sshkit (~> 1.2)
    capistrano-npm (1.0.2)
      capistrano (>= 3.0.0)
    capistrano-rails (1.3.0)
      capistrano (~> 3.1)
      capistrano-bundler (~> 1.1)
    capistrano-rails-console (2.2.0)
      capistrano (>= 3.5.0, < 4.0.0)
      sshkit-interactive (~> 0.2.0)
    i18n (0.8.6)
    net-scp (1.2.1)
      net-ssh (>= 2.6.5)
    net-ssh (4.1.0)
    railsless-deploy (1.1.3)
    rake (12.0.0)
    sshkit (1.14.0)
      net-scp (>= 1.1.2)
      net-ssh (>= 2.8.0)
    sshkit-interactive (0.2.1)
      sshkit (~> 1.12)

PLATFORMS
  ruby

DEPENDENCIES
  capistrano (~> 3.1)
  capistrano-bundler (~> 1.1.2)
  capistrano-npm
  capistrano-rails (~> 1.1)
  capistrano-rails-console
  capistrano-rbenv!
  railsless-deploy

BUNDLED WITH
   1.14.6
